RESTRICTION: >= net462
NUGET
  remote: https://api.nuget.org/v3/index.json
    Castle.Core (4.0)
    FluentAssertions (4.19.2)
    HtmlAgilityPack (1.4.9.5)
    HttpMock (1.3.3)
      Kayak (>= 0.7.2)
      log4net (>= 2.0.5)
      NUnit (>= 3.4.1)
    Kayak (0.7.2)
    log4net (2.0.8) - redirects: force
    Microsoft.NETCore.Platforms (2.0) - redirects: force, restriction: && (>= net462) (>= netstandard1.6)
    Microsoft.Win32.Primitives (4.3) - redirects: force, restriction: && (>= net462) (>= netstandard1.6)
    Moq (4.7.10)
      Castle.Core (>= 4.0)
    msdn.4.5.2 (0.1.0-alpha-1611021200)
    NETStandard.Library (1.6.1) - redirects: force, restriction: && (>= net462) (>= netstandard1.6)
      Microsoft.NETCore.Platforms (>= 1.1)
      Microsoft.Win32.Primitives (>= 4.3)
      System.AppContext (>= 4.3)
      System.Collections (>= 4.3)
      System.Collections.Concurrent (>= 4.3)
      System.Console (>= 4.3)
      System.Diagnostics.Debug (>= 4.3)
      System.Diagnostics.Tools (>= 4.3)
      System.Diagnostics.Tracing (>= 4.3)
      System.Globalization (>= 4.3)
      System.Globalization.Calendars (>= 4.3)
      System.IO (>= 4.3)
      System.IO.Compression (>= 4.3)
      System.IO.Compression.ZipFile (>= 4.3)
      System.IO.FileSystem (>= 4.3)
      System.IO.FileSystem.Primitives (>= 4.3)
      System.Linq (>= 4.3)
      System.Linq.Expressions (>= 4.3)
      System.Net.Http (>= 4.3)
      System.Net.Primitives (>= 4.3)
      System.Net.Sockets (>= 4.3)
      System.ObjectModel (>= 4.3)
      System.Reflection (>= 4.3)
      System.Reflection.Extensions (>= 4.3)
      System.Reflection.Primitives (>= 4.3)
      System.Resources.ResourceManager (>= 4.3)
      System.Runtime (>= 4.3)
      System.Runtime.Extensions (>= 4.3)
      System.Runtime.Handles (>= 4.3)
      System.Runtime.InteropServices (>= 4.3)
      System.Runtime.InteropServices.RuntimeInformation (>= 4.3)
      System.Runtime.Numerics (>= 4.3)
      System.Security.Cryptography.Algorithms (>= 4.3)
      System.Security.Cryptography.Encoding (>= 4.3)
      System.Security.Cryptography.Primitives (>= 4.3)
      System.Security.Cryptography.X509Certificates (>= 4.3)
      System.Text.Encoding (>= 4.3)
      System.Text.Encoding.Extensions (>= 4.3)
      System.Text.RegularExpressions (>= 4.3)
      System.Threading (>= 4.3)
      System.Threading.Tasks (>= 4.3)
      System.Threading.Timer (>= 4.3)
      System.Xml.ReaderWriter (>= 4.3)
      System.Xml.XDocument (>= 4.3)
    Newtonsoft.Json (10.0.2)
    NUnit (3.6.1) - redirects: force
      NETStandard.Library (>= 1.6) - restriction: && (>= net462) (>= netstandard1.6)
      System.Runtime.Loader (>= 4.0) - restriction: && (>= net462) (>= netstandard1.6)
    SemVer.Git.MSBuild (1.3) - content: once
    System.AppContext (4.3) - redirects: force, restriction: && (>= net462) (>= netstandard1.6)
    System.Collections (4.3) - redirects: force, restriction: && (>= net462) (>= netstandard1.6)
    System.Collections.Concurrent (4.3) - redirects: force, restriction: && (>= net462) (>= netstandard1.6)
    System.Console (4.3) - redirects: force, restriction: && (>= net462) (>= netstandard1.6)
    System.Diagnostics.Debug (4.3) - redirects: force, restriction: && (>= net462) (>= netstandard1.6)
    System.Diagnostics.Tools (4.3) - redirects: force, restriction: && (>= net462) (>= netstandard1.6)
    System.Diagnostics.Tracing (4.3) - redirects: force, restriction: && (>= net462) (>= netstandard1.6)
    System.Globalization (4.3) - redirects: force, restriction: && (>= net462) (>= netstandard1.6)
    System.Globalization.Calendars (4.3) - redirects: force, restriction: && (>= net462) (>= netstandard1.6)
    System.IO (4.3) - redirects: force, restriction: && (>= net462) (>= netstandard1.6)
    System.IO.Compression (4.3) - redirects: force, restriction: && (>= net462) (>= netstandard1.6)
    System.IO.Compression.ZipFile (4.3) - redirects: force, restriction: && (>= net462) (>= netstandard1.6)
    System.IO.FileSystem (4.3) - redirects: force, restriction: && (>= net462) (>= netstandard1.6)
      System.IO.FileSystem.Primitives (>= 4.3)
    System.IO.FileSystem.Primitives (4.3) - redirects: force, restriction: && (>= net462) (>= netstandard1.6)
    System.Linq (4.3) - redirects: force, restriction: && (>= net462) (>= netstandard1.6)
    System.Linq.Expressions (4.3) - redirects: force, restriction: && (>= net462) (>= netstandard1.6)
    System.Net.Http (4.3.2) - redirects: force, restriction: && (>= net462) (>= netstandard1.6)
      System.Security.Cryptography.X509Certificates (>= 4.3)
    System.Net.Primitives (4.3) - redirects: force, restriction: && (>= net462) (>= netstandard1.6)
    System.Net.Sockets (4.3) - redirects: force, restriction: && (>= net462) (>= netstandard1.6)
    System.ObjectModel (4.3) - redirects: force, restriction: && (>= net462) (>= netstandard1.6)
    System.Reflection (4.3) - redirects: force, restriction: && (>= net462) (>= netstandard1.6)
    System.Reflection.Extensions (4.3) - redirects: force, restriction: && (>= net462) (>= netstandard1.6)
    System.Reflection.Primitives (4.3) - redirects: force, restriction: && (>= net462) (>= netstandard1.6)
    System.Resources.ResourceManager (4.3) - redirects: force, restriction: && (>= net462) (>= netstandard1.6)
    System.Runtime (4.3) - redirects: force, restriction: && (>= net462) (>= netstandard1.6)
    System.Runtime.Extensions (4.3) - redirects: force, restriction: && (>= net462) (>= netstandard1.6)
    System.Runtime.Handles (4.3) - redirects: force, restriction: && (>= net462) (>= netstandard1.6)
    System.Runtime.InteropServices (4.3) - redirects: force, restriction: && (>= net462) (>= netstandard1.6)
      System.Runtime (>= 4.3)
    System.Runtime.InteropServices.RuntimeInformation (4.3) - redirects: force, restriction: && (>= net462) (>= netstandard1.6)
    System.Runtime.Loader (4.3) - redirects: force, restriction: && (>= net462) (>= netstandard1.6)
    System.Runtime.Numerics (4.3) - redirects: force, restriction: && (>= net462) (>= netstandard1.6)
    System.Security.Cryptography.Algorithms (4.3) - redirects: force, restriction: && (>= net462) (>= netstandard1.6)
      System.IO (>= 4.3) - restriction: || (&& (>= dnxcore50) (>= net462)) (&& (< net46) (>= net462) (< netstandard1.4)) (&& (< net46) (>= net462) (>= netstandard1.6)) (&& (< net46) (>= net462) (< netstandard1.6)) (>= net463)
      System.Runtime (>= 4.3) - restriction: || (&& (>= dnxcore50) (>= net462)) (&& (< net46) (>= net462) (< netstandard1.4)) (&& (< net46) (>= net462) (>= netstandard1.6)) (&& (< net46) (>= net462) (< netstandard1.6)) (>= net463)
      System.Security.Cryptography.Encoding (>= 4.3) - restriction: || (&& (>= dnxcore50) (>= net462)) (&& (< net46) (>= net462) (>= netstandard1.6)) (>= net463)
      System.Security.Cryptography.Primitives (>= 4.3)
    System.Security.Cryptography.Encoding (4.3) - redirects: force, restriction: || (&& (>= net462) (>= netstandard1.6)) (&& (>= net463) (>= netstandard1.6))
    System.Security.Cryptography.Primitives (4.3) - redirects: force, restriction: || (&& (>= net462) (>= netstandard1.6)) (&& (>= net463) (>= netstandard1.6))
    System.Security.Cryptography.X509Certificates (4.3) - redirects: force, restriction: && (>= net462) (>= netstandard1.6)
      System.Security.Cryptography.Algorithms (>= 4.3)
      System.Security.Cryptography.Encoding (>= 4.3)
    System.Text.Encoding (4.3) - redirects: force, restriction: && (>= net462) (>= netstandard1.6)
    System.Text.Encoding.Extensions (4.3) - redirects: force, restriction: && (>= net462) (>= netstandard1.6)
    System.Text.RegularExpressions (4.3) - redirects: force, restriction: && (>= net462) (>= netstandard1.6)
    System.Threading (4.3) - redirects: force, restriction: && (>= net462) (>= netstandard1.6)
    System.Threading.Tasks (4.3) - redirects: force, restriction: && (>= net462) (>= netstandard1.6)
    System.Threading.Timer (4.3) - redirects: force, restriction: && (>= net462) (>= netstandard1.6)
    System.Xml.ReaderWriter (4.3) - redirects: force, restriction: && (>= net462) (>= netstandard1.6)
    System.Xml.XDocument (4.3) - redirects: force, restriction: && (>= net462) (>= netstandard1.6)
    VaraniumSharp (1.14)
